GEM
  remote: http://rubygems.org/
  specs:
    rake (12.3.3)
    rake-compiler (0.7.9)
      rake
    rdoc (3.9.1)

PLATFORMS
  java
  ruby
  x86-mingw32

DEPENDENCIES
  rake
  rake-compiler
  rdoc
